GEM
  remote: https://rubygems.org/
  specs:
    backports (3.10.3)
    daemons (1.1.9)
    eventmachine (1.0.3)
    foreman (0.78.0)
      thor (~> 0.19.1)
    hashie (3.6.0)
    jsmin (1.0.1)
    json (1.8.3)
    multi_json (1.12.2)
    mysql (2.9.1)
    oauth (0.4.7)
    omniauth (1.4.3)
      hashie (>= 1.2, < 4)
      rack (>= 1.6.2, < 3)
    omniauth-oauth (1.1.0)
      oauth
      omniauth (~> 1.0)
    omniauth-twitter (1.2.1)
      json (~> 1.3)
      omniauth-oauth (~> 1.1)
    rack (1.6.13)
    rack-protection (1.5.3)
      rack
    rack-test (0.6.3)
      rack (>= 1.0)
    rake (12.3.1)
    redis (3.2.2)
    sequel (4.30.0)
    sinatra (1.4.7)
      rack (~> 1.5)
      rack-protection (~> 1.4)
      tilt (>= 1.3, < 3)
    sinatra-assetpack (0.3.1)
      jsmin
      rack-test
      sinatra
      tilt (>= 1.3.0)
    sinatra-contrib (1.4.6)
      backports (>= 2.0)
      multi_json
      rack-protection
      rack-test
      sinatra (~> 1.4.0)
      tilt (>= 1.3, < 3)
    sinatra-sequel (0.9.0)
      sequel (>= 3.2.0)
      sinatra (>= 0.9.4)
    slim (2.0.3)
      temple (~> 0.6.6)
      tilt (>= 1.3.3, < 2.1)
    sqlite3 (1.3.11)
    temple (0.6.8)
    thin (1.6.2)
      daemons (>= 1.0.9)
      eventmachine (>= 1.0.0)
      rack (>= 1.0.0)
    thor (0.19.1)
    tilt (2.0.9)

PLATFORMS
  ruby

DEPENDENCIES
  foreman
  mysql
  omniauth-twitter
  rake
  redis
  sinatra
  sinatra-assetpack
  sinatra-contrib
  sinatra-sequel
  slim
  sqlite3
  thin
